GIT
  remote: https://github.com/ffi/ffi.git
  revision: 808848d65752c392069a2e04c7d9994df072984b
  submodules: true
  specs:
    ffi (1.16.4)

GEM
  remote: https://rubygems.org/
  specs:

PLATFORMS
  x86_64-linux

DEPENDENCIES
  ffi!

BUNDLED WITH
   2.4.10
